GIT
  remote: git://github.com/sanjman71/delayed_job.git
  revision: 6d2ddbd0bdae295670b5aeaf52f2ce2750c499e1
  specs:
    delayed_job (2.0.3)
      daemons

GEM
  remote: http://rubygems.org/
  specs:
    aasm (2.1.5)
    actionmailer (2.3.5)
      actionpack (= 2.3.5)
    actionpack (2.3.5)
      activesupport (= 2.3.5)
      rack (~> 1.0.0)
    activerecord (2.3.5)
      activesupport (= 2.3.5)
    activeresource (2.3.5)
      activesupport (= 2.3.5)
    activesupport (2.3.5)
    andand (1.3.1)
    ar-extensions (0.9.2)
      activerecord (>= 2.1.2)
    archive-tar-minitar (0.5.2)
    builder (2.1.2)
    chronic (0.2.3)
      hoe (>= 1.2.1)
    columnize (0.3.1)
    crack (0.1.8)
    curb (0.7.7.1)
    daemons (1.0.10)
    eventfulapi (2.2.1)
      mime-types (> 0.0.0)
    factory_girl (1.3.2)
    faker (0.3.1)
    geokit (1.5.0)
    haml (2.2.4)
    hoe (2.6.2)
      rake (>= 0.8.7)
      rubyforge (>= 2.0.4)
    hoptoad_notifier (2.3.3)
      activesupport
    hpricot (0.8.2)
    httparty (0.6.1)
      crack (= 0.1.8)
    json (1.4.3)
    json_pure (1.4.6)
    linecache19 (0.5.11)
      ruby_core_source (>= 0.1.4)
    mechanize (1.0.0)
      nokogiri (>= 1.2.1)
    mime-types (1.16)
    mocha (0.9.8)
      rake
    mysql (2.8.1)
    nokogiri (1.4.3.1)
    populator (0.2.5)
    prawn (0.8.4)
      prawn-core (>= 0.8.4, < 0.9)
      prawn-layout (>= 0.8.4, < 0.9)
      prawn-security (>= 0.8.4, < 0.9)
    prawn-core (0.8.4)
    prawn-layout (0.8.4)
    prawn-security (0.8.4)
    rack (1.0.1)
    rack-test (0.5.6)
      rack (>= 1.0)
    rails (2.3.5)
      actionmailer (= 2.3.5)
      actionpack (= 2.3.5)
      activerecord (= 2.3.5)
      activeresource (= 2.3.5)
      activesupport (= 2.3.5)
      rake (>= 0.8.3)
    rake (0.8.7)
    ri_cal (0.8.7)
    ruby-debug-base19 (0.11.24)
      columnize (>= 0.3.1)
      linecache19 (>= 0.5.11)
      ruby_core_source (>= 0.1.4)
    ruby-debug19 (0.11.6)
      columnize (>= 0.3.1)
      linecache19 (>= 0.5.11)
      ruby-debug-base19 (>= 0.11.19)
    ruby_core_source (0.1.4)
      archive-tar-minitar (>= 0.5.2)
    rubyforge (2.0.4)
      json_pure (>= 1.1.7)
    sanitize (1.2.1)
      nokogiri (~> 1.4.1)
    shoulda (2.11.3)
    subdomain-fu (0.5.4)
    twiliolib (2.0.5)
      builder (>= 2.1.2)
    webrat (0.7.1)
      nokogiri (>= 1.2.0)
      rack (>= 1.0)
      rack-test (>= 0.5.3)
    whenever (0.5.0)
      chronic (>= 0.2.3)
    will_paginate (2.3.14)

PLATFORMS
  ruby

DEPENDENCIES
  aasm (= 2.1.5)
  andand (= 1.3.1)
  ar-extensions (= 0.9.2)
  chronic (= 0.2.3)
  crack (= 0.1.8)
  curb (= 0.7.7.1)
  daemons (= 1.0.10)
  delayed_job!
  eventfulapi (= 2.2.1)
  factory_girl
  faker
  geokit (= 1.5.0)
  haml (= 2.2.4)
  hoptoad_notifier (= 2.3.3)
  hpricot (= 0.8.2)
  httparty (= 0.6.1)
  json (= 1.4.3)
  linecache19
  mechanize (= 1.0.0)
  mime-types (= 1.16)
  mocha
  mysql (= 2.8.1)
  populator
  prawn (= 0.8.4)
  rails (= 2.3.5)
  ri_cal (= 0.8.7)
  ruby-debug19
  sanitize (= 1.2.1)
  shoulda
  subdomain-fu (= 0.5.4)
  twiliolib (= 2.0.5)
  webrat
  whenever (= 0.5.0)
  will_paginate (= 2.3.14)
